GEM
  remote: https://rubygems.org/
  specs:
    rexml (3.3.6)
      strscan
    strscan (3.1.0)

PLATFORMS
  arm64-darwin
  x86_64-darwin
  x86_64-linux

DEPENDENCIES

BUNDLED WITH
   2.4.20
