GEM
  remote: https://rubygems.org/
  specs:
    rexml (3.3.9)

PLATFORMS
  arm64-darwin
  x86_64-darwin
  x86_64-linux

DEPENDENCIES

BUNDLED WITH
   2.4.20
